GEM
  remote: https://rubygems.org/
  specs:
    arr-pm (0.0.10)
      cabin (> 0)
    aws-eventstream (1.0.3)
    aws-sdk (2.11.353)
      aws-sdk-resources (= 2.11.353)
    aws-sdk-core (2.11.353)
      aws-sigv4 (~> 1.0)
      jmespath (~> 1.0)
    aws-sdk-resources (2.11.353)
      aws-sdk-core (= 2.11.353)
    aws-sigv4 (1.1.0)
      aws-eventstream (~> 1.0, >= 1.0.2)
    backports (3.15.0)
    cabin (0.9.0)
    childprocess (0.9.0)
      ffi (~> 1.0, >= 1.0.11)
    clamp (1.0.1)
    deb-s3 (0.10.0)
      aws-sdk (~> 2)
      thor (~> 0.19.0)
    dotenv (2.7.5)
    ffi (1.11.1)
    fpm (1.11.0)
      arr-pm (~> 0.0.10)
      backports (>= 2.6.2)
      cabin (>= 0.6.0)
      childprocess (= 0.9.0)
      clamp (~> 1.0.0)
      ffi
      json (>= 1.7.7, < 2.0)
      pleaserun (~> 0.0.29)
      ruby-xz (~> 0.2.3)
      stud
    insist (1.0.0)
    io-like (0.3.0)
    jmespath (1.4.0)
    json (1.8.6)
    mustache (0.99.8)
    pleaserun (0.0.30)
      cabin (> 0)
      clamp
      dotenv
      insist
      mustache (= 0.99.8)
      stud
    ruby-xz (0.2.3)
      ffi (~> 1.9)
      io-like (~> 0.3)
    stud (0.0.23)
    thor (0.19.4)

PLATFORMS
  ruby

DEPENDENCIES
  deb-s3 (~> 0.10.0)
  fpm (~> 1.11)

BUNDLED WITH
   2.0.2
